GEM
  remote: https://rubygems.org/
  specs:
    backports (2.8.2)
    daemons (1.1.9)
    eventmachine (1.0.0)
    haml (4.0.0)
      tilt
    json (1.7.7)
    kgio (2.8.0)
    memcache-client (1.8.5)
    nokogiri (1.5.6)
    pg (0.14.1)
    rack (1.5.2)
    rack-protection (1.3.2)
      rack
    rack-test (0.6.2)
      rack (>= 1.0)
    raindrops (0.10.0)
    sequel (3.44.0)
    sinatra (1.3.4)
      rack (~> 1.4)
      rack-protection (~> 1.3)
      tilt (~> 1.3, >= 1.3.3)
    sinatra-contrib (1.3.2)
      backports (>= 2.0)
      eventmachine
      rack-protection
      rack-test
      sinatra (~> 1.3.0)
      tilt (~> 1.3)
    sinatra-reloader (1.0)
      sinatra-contrib
    thin (1.5.0)
      daemons (>= 1.0.9)
      eventmachine (>= 0.12.6)
      rack (>= 1.0.0)
    tilt (1.3.3)
    unicorn (4.6.0)
      kgio (~> 2.6)
      rack
      raindrops (~> 0.7)

PLATFORMS
  ruby

DEPENDENCIES
  haml
  json
  memcache-client
  nokogiri
  pg
  sequel
  sinatra
  sinatra-reloader
  thin
  unicorn
